PATH
  remote: .
  specs:
    nxo (0.1.1)
      lz4-ruby

GEM
  remote: https://rubygems.org/
  specs:
    diff-lcs (1.6.2)
    lz4-ruby (0.3.3)
    rake (13.3.0)
    rspec (3.13.1)
      rspec-core (~> 3.13.0)
      rspec-expectations (~> 3.13.0)
      rspec-mocks (~> 3.13.0)
    rspec-core (3.13.4)
      rspec-support (~> 3.13.0)
    rspec-expectations (3.13.5)
      diff-lcs (>= 1.2.0, < 2.0)
      rspec-support (~> 3.13.0)
    rspec-mocks (3.13.5)
      diff-lcs (>= 1.2.0, < 2.0)
      rspec-support (~> 3.13.0)
    rspec-support (3.13.4)

PLATFORMS
  ruby
  x86_64-linux

DEPENDENCIES
  bundler (~> 2.6)
  nxo!
  rake (~> 13.3)
  rspec (~> 3.13)

BUNDLED WITH
   2.6.7
